GEM
  remote: https://rubygems.org/
  specs:
    httparty (0.16.2)
      multi_xml (>= 0.5.2)
    json (1.8.6)
    multi_xml (0.6.0)

PLATFORMS
  ruby

DEPENDENCIES
  httparty (~> 0.13)
  json (~> 1.8, >= 1.8.3)

BUNDLED WITH
   1.16.1
